PATH
  remote: .
  specs:
    services (0.0.1)
      activesupport
      json
      yell

GEM
  remote: https://rubygems.org/
  specs:
    activesupport (3.2.12)
      i18n (~> 0.6)
      multi_json (~> 1.0)
    diff-lcs (1.2.1)
    i18n (0.6.2)
    json (1.7.7)
    multi_json (1.6.1)
    rspec (2.13.0)
      rspec-core (~> 2.13.0)
      rspec-expectations (~> 2.13.0)
      rspec-mocks (~> 2.13.0)
    rspec-core (2.13.0)
    rspec-expectations (2.13.0)
      diff-lcs (>= 1.1.3, < 2.0)
    rspec-mocks (2.13.0)
    simplecov (0.7.1)
      multi_json (~> 1.0)
      simplecov-html (~> 0.7.1)
    simplecov-html (0.7.1)
    yell (1.3.0)

PLATFORMS
  ruby

DEPENDENCIES
  activesupport
  json
  rspec
  services!
  simplecov
  yell
